ObjectType = Image
NDims = 3
BinaryData = True
BinaryDataByteOrderMSB = False
CompressedData = True
CompressedDataSize = 163718
TransformMatrix = 1 0 0 0 1 0 0 0 1
Offset = 0 0 0
CenterOfRotation = 0 0 0
ElementSpacing = 1 1 1
DimSize = 256 256 256
AnatomicalOrientation = ???
ElementType = MET_SHORT
ElementDataFile = pyramid_bx80_by50_h100.zraw
