ObjectType = Image
NDims = 3
BinaryData = True
BinaryDataByteOrderMSB = False
CompressedData = True
CompressedDataSize = 271855
TransformMatrix = 1 0 0 0 1 0 0 0 1
Offset = 0 0 0
CenterOfRotation = 0 0 0
ElementSpacing = 1 1 1
DimSize = 256 256 256
AnatomicalOrientation = ???
ElementType = MET_SHORT
ElementDataFile = ellipsoid_x30_y120_z80.zraw
